GEM
  remote: https://rubygems.org/
  specs:
    actionmailer (4.0.5)
      actionpack (= 4.0.5)
      mail (~> 2.5.4)
    actionpack (4.0.5)
      activesupport (= 4.0.5)
      builder (~> 3.1.0)
      erubis (~> 2.7.0)
      rack (~> 1.5.2)
      rack-test (~> 0.6.2)
    actionpack-action_caching (1.0.0)
      actionpack (>= 4.0.0.beta, < 5.0)
    actionpack-page_caching (1.0.2)
      actionpack (>= 4.0.0, < 5)
    actionpack-xml_parser (1.0.1)
      actionpack (>= 4.0.0.rc1)
    actionview-encoded_mail_to (1.0.4)
      rails
    active_type (0.1.3)
      activerecord (>= 3.2)
    activemodel (4.0.5)
      activesupport (= 4.0.5)
      builder (~> 3.1.0)
    activerecord (4.0.5)
      activemodel (= 4.0.5)
      activerecord-deprecated_finders (~> 1.0.2)
      activesupport (= 4.0.5)
      arel (~> 4.0.0)
    activerecord-deprecated_finders (1.0.3)
    activerecord-session_store (0.0.1)
      actionpack (>= 4.0.0.beta, < 5)
      activerecord (>= 4.0.0.beta, < 5)
      railties (>= 4.0.0.beta, < 5)
    activeresource (4.0.0)
      activemodel (~> 4.0)
      activesupport (~> 4.0)
      rails-observers (~> 0.1.1)
    activesupport (4.0.5)
      i18n (~> 0.6, >= 0.6.9)
      minitest (~> 4.2)
      multi_json (~> 1.3)
      thread_safe (~> 0.1)
      tzinfo (~> 0.3.37)
    addressable (2.3.6)
    arel (4.0.2)
    authlogic (3.4.2)
      activerecord (>= 3.2)
      activesupport (>= 3.2)
      request_store (~> 1.0)
    aws-sdk (1.44.0)
      json (~> 1.4)
      nokogiri (>= 1.4.4)
    barby (0.6.1)
    bcrypt (3.1.7)
    better_errors (1.1.0)
      coderay (>= 1.0.0)
      erubis (>= 2.6.6)
    binding_of_caller (0.7.2)
      debug_inspector (>= 0.0.1)
    bootstrap-sass (3.1.1.1)
      sass (~> 3.2)
    builder (3.1.4)
    cancan (1.6.10)
    capybara (2.2.1)
      mime-types (>= 1.16)
      nokogiri (>= 1.3.3)
      rack (>= 1.0.0)
      rack-test (>= 0.5.4)
      xpath (~> 2.0)
    capybara-webkit (1.1.0)
      capybara (~> 2.0, >= 2.0.2)
      json
    childprocess (0.5.3)
      ffi (~> 1.0, >= 1.0.11)
    climate_control (0.0.3)
      activesupport (>= 3.0)
    cocaine (0.5.4)
      climate_control (>= 0.0.3, < 1.0)
    coderay (1.1.0)
    coffee-rails (4.0.1)
      coffee-script (>= 2.2.0)
      railties (>= 4.0.0, < 5.0)
    coffee-script (2.2.0)
      coffee-script-source
      execjs
    coffee-script-source (1.7.0)
    coveralls (0.7.0)
      multi_json (~> 1.3)
      rest-client
      simplecov (>= 0.7)
      term-ansicolor
      thor
    daemons (1.1.9)
    database_cleaner (1.2.0)
    debug_inspector (0.0.2)
    diff-lcs (1.2.5)
    docile (1.1.5)
    dotenv (0.11.1)
      dotenv-deployment (~> 0.0.2)
    dotenv-deployment (0.0.2)
    dotenv-rails (0.11.1)
      dotenv (= 0.11.1)
    erubis (2.7.0)
    eventmachine (1.0.3)
    excon (0.37.0)
    execjs (2.2.0)
    factory_girl (4.2.0)
      activesupport (>= 3.0.0)
    factory_girl_rails (4.2.1)
      factory_girl (~> 4.2.0)
      railties (>= 3.0.0)
    faker (1.3.0)
      i18n (~> 0.5)
    ffi (1.9.3)
    ffi-compiler (0.1.3)
      ffi (>= 1.0.0)
      rake
    haml (4.0.5)
      tilt
    haml-rails (0.5.3)
      actionpack (>= 4.0.1)
      activesupport (>= 4.0.1)
      haml (>= 3.1, < 5.0)
      railties (>= 4.0.1)
    has_barcode (0.2.3)
      activesupport (>= 3)
      barby
      i18n
      rake
    highline (1.6.21)
    hike (1.2.3)
    i18n (0.6.9)
    jquery-rails (3.1.0)
      railties (>= 3.0, < 5.0)
      thor (>= 0.14, < 2.0)
    json (1.8.1)
    kaminari (0.16.1)
      actionpack (>= 3.0.0)
      activesupport (>= 3.0.0)
    launchy (2.2.0)
      addressable (~> 2.3)
    mail (2.5.4)
      mime-types (~> 1.16)
      treetop (~> 1.4.8)
    mandrill-api (1.0.51)
      excon (>= 0.16.0, < 1.0)
      json (>= 1.7.7, < 2.0)
    markdownizer (0.3.7)
      activerecord (>= 3.0.3)
      coderay
      rdiscount
    mime-types (1.25.1)
    mini_portile (0.6.0)
    minitest (4.7.5)
    multi_json (1.10.1)
    newrelic_rpm (3.8.1.221)
    nokogiri (1.6.2.1)
      mini_portile (= 0.6.0)
    paperclip (4.1.1)
      activemodel (>= 3.0.0)
      activesupport (>= 3.0.0)
      cocaine (~> 0.5.3)
      mime-types
    pg (0.17.1)
    polyglot (0.3.5)
    rack (1.5.2)
    rack-test (0.6.2)
      rack (>= 1.0)
    rails (4.0.5)
      actionmailer (= 4.0.5)
      actionpack (= 4.0.5)
      activerecord (= 4.0.5)
      activesupport (= 4.0.5)
      bundler (>= 1.3.0, < 2.0)
      railties (= 4.0.5)
      sprockets-rails (~> 2.0.0)
    rails-observers (0.1.2)
      activemodel (~> 4.0)
    rails-perftest (0.0.4)
    rails4_upgrade (0.5.0)
      bundler (>= 1.2.2)
      terminal-table (>= 1.4.5)
    rails_12factor (0.0.2)
      rails_serve_static_assets
      rails_stdout_logging
    rails_serve_static_assets (0.0.2)
    rails_stdout_logging (0.0.3)
    railties (4.0.5)
      actionpack (= 4.0.5)
      activesupport (= 4.0.5)
      rake (>= 0.8.7)
      thor (>= 0.18.1, < 2.0)
    rake (10.3.2)
    rdiscount (2.1.7.1)
    request_store (1.0.6)
    rest-client (1.6.7)
      mime-types (>= 1.16)
    rmagick (2.13.2)
    rspec-collection_matchers (1.0.0)
      rspec-expectations (>= 2.99.0.beta1)
    rspec-core (2.99.1)
    rspec-expectations (2.99.1)
      diff-lcs (>= 1.1.3, < 2.0)
    rspec-mocks (2.99.1)
    rspec-rails (2.99.0)
      actionpack (>= 3.0)
      activemodel (>= 3.0)
      activesupport (>= 3.0)
      railties (>= 3.0)
      rspec-collection_matchers
      rspec-core (~> 2.99.0)
      rspec-expectations (~> 2.99.0)
      rspec-mocks (~> 2.99.0)
    rubyzip (1.1.4)
    sass (3.2.19)
    sass-rails (4.0.3)
      railties (>= 4.0.0, < 5.0)
      sass (~> 3.2.0)
      sprockets (~> 2.8, <= 2.11.0)
      sprockets-rails (~> 2.0)
    scrypt (1.2.1)
      ffi-compiler (>= 0.0.2)
      rake
    selenium-webdriver (2.42.0)
      childprocess (>= 0.5.0)
      multi_json (~> 1.0)
      rubyzip (~> 1.0)
      websocket (~> 1.0.4)
    simplecov (0.8.2)
      docile (~> 1.1.0)
      multi_json
      simplecov-html (~> 0.8.0)
    simplecov-html (0.8.0)
    sprockets (2.11.0)
      hike (~> 1.2)
      multi_json (~> 1.0)
      rack (~> 1.0)
      tilt (~> 1.1, != 1.3.0)
    sprockets-rails (2.0.1)
      actionpack (>= 3.0)
      activesupport (>= 3.0)
      sprockets (~> 2.8)
    term-ansicolor (1.3.0)
      tins (~> 1.0)
    terminal-table (1.4.5)
    thin (1.6.2)
      daemons (>= 1.0.9)
      eventmachine (>= 1.0.0)
      rack (>= 1.0.0)
    thor (0.19.1)
    thread_safe (0.3.4)
    tilt (1.4.1)
    tins (1.3.0)
    treetop (1.4.15)
      polyglot
      polyglot (>= 0.3.1)
    tzinfo (0.3.39)
    uglifier (2.5.1)
      execjs (>= 0.3.0)
      json (>= 1.8.0)
    websocket (1.0.7)
    xpath (2.0.0)
      nokogiri (~> 1.3)

PLATFORMS
  ruby

DEPENDENCIES
  actionpack-action_caching (~> 1.0.0)
  actionpack-page_caching (~> 1.0.0)
  actionpack-xml_parser (~> 1.0.0)
  actionview-encoded_mail_to (~> 1.0.4)
  active_type
  activerecord-session_store (~> 0.0.1)
  activeresource (~> 4.0.0.beta1)
  authlogic
  aws-sdk
  bcrypt
  better_errors
  binding_of_caller
  bootstrap-sass (~> 3.1.1)
  cancan
  capybara (~> 2.2.1)
  capybara-webkit
  coffee-rails (~> 4.0.1)
  coveralls
  database_cleaner (~> 1.2.0)
  dotenv-rails
  excon
  factory_girl_rails (~> 4.2.1)
  faker (= 1.3.0)
  haml-rails
  has_barcode
  highline
  jquery-rails
  kaminari
  launchy (~> 2.2.0)
  mandrill-api
  markdownizer
  newrelic_rpm
  paperclip
  pg
  rails (= 4.0.5)
  rails-observers (~> 0.1.1)
  rails-perftest (~> 0.0.2)
  rails4_upgrade
  rails_12factor
  rmagick
  rspec-rails (= 2.99.0)
  sass (~> 3.2.13)
  sass-rails (~> 4.0.3)
  scrypt
  selenium-webdriver (~> 2.0)
  simplecov
  thin
  uglifier (>= 1.3.0)
